PATH
  remote: .
  specs:
    hoot (1.0.0)
      growl (~> 1.0.3)

GEM
  remote: http://rubygems.org/
  specs:
    growl (1.0.3)

PLATFORMS
  ruby

DEPENDENCIES
  hoot!
